GEM
  remote: http://rubygems.org/
  specs:
    pg (0.14.1)
    puma (1.6.3)
      rack (~> 1.2)
    rack (1.5.2)
    rack-protection (1.3.2)
      rack
    sequel (3.44.0)
    sinatra (1.3.4)
      rack (~> 1.4)
      rack-protection (~> 1.3)
      tilt (~> 1.3, >= 1.3.3)
    tilt (1.3.3)

PLATFORMS
  ruby

DEPENDENCIES
  pg (~> 0.14)
  puma (~> 1.6)
  sequel (~> 3)
  sinatra (~> 1.3)
